GEM
  remote: http://rubygems.org/
  specs:
    RedCloth (4.2.9)
    active_support (3.0.0)
      activesupport (= 3.0.0)
    activesupport (3.0.0)
    addressable (2.2.6)
    bitly (0.6.2)
      crack (>= 0.1.4)
      httparty (>= 0.7.6)
      oauth2 (>= 0.1.1)
    builder (3.0.0)
    chunky_png (1.2.5)
    clogger (1.1.0)
      rack (> 0.9)
    coffee-script (2.2.0)
      coffee-script-source
      execjs
    coffee-script-source (1.2.0)
    compass (0.11.7)
      chunky_png (~> 1.2)
      fssm (>= 0.2.7)
      sass (~> 3.1)
    crack (0.3.1)
    curb (0.7.15)
    daemons (1.1.4)
    engine_of_war (1.3.0)
      RedCloth
      active_support
      builder
      coffee-script
      compass
      haml
      padrino
      rdiscount
      sass (>= 3.1.7)
      sinatra (>= 1.3)
    eventmachine (0.12.10)
    execjs (1.3.0)
      multi_json (~> 1.0)
    faraday (0.7.5)
      addressable (~> 2.2.6)
      multipart-post (~> 1.1.3)
      rack (>= 1.1.0, < 2)
    foreman (0.36.0)
      term-ansicolor (~> 1.0.5)
      thor (>= 0.13.6)
    fssm (0.2.8.1)
    git (1.2.5)
    haml (3.1.4)
    heroku (2.5.0)
      launchy (>= 0.3.2)
      rest-client (~> 1.6.1)
      term-ansicolor (~> 1.0.5)
    http_router (0.5.4)
      rack (>= 1.0.0)
      url_mount (~> 0.2.1)
    httparty (0.8.1)
      multi_json
      multi_xml
    i18n (0.6.0)
    launchy (2.0.5)
      addressable (~> 2.2.6)
    mail (2.4.1)
      i18n (>= 0.4.0)
      mime-types (~> 1.16)
      treetop (~> 1.4.8)
    mime-types (1.16)
    mini_magick (3.3)
      subexec (~> 0.1.0)
    multi_json (1.0.3)
    multi_xml (0.4.1)
    multipart-post (1.1.3)
    newrelic_rpm (3.3.1)
    oauth2 (0.5.1)
      faraday (~> 0.7.4)
      multi_json (~> 1.0.3)
    padrino (0.9.21)
      padrino-admin (= 0.9.21)
      padrino-cache (= 0.9.21)
      padrino-core (= 0.9.21)
      padrino-gen (= 0.9.21)
      padrino-helpers (= 0.9.21)
      padrino-mailer (= 0.9.21)
    padrino-admin (0.9.21)
      padrino-core (= 0.9.21)
      padrino-helpers (= 0.9.21)
    padrino-cache (0.9.21)
      padrino-core (= 0.9.21)
    padrino-core (0.9.21)
      activesupport (>= 3.0.0)
      http_router (~> 0.5.4)
      sinatra (>= 1.1.0)
      thor (>= 0.14.3)
      tzinfo
    padrino-gen (0.9.21)
      bundler (>= 1.0.2)
      git
      padrino-core (= 0.9.21)
    padrino-helpers (0.9.21)
      i18n (>= 0.4.1)
      padrino-core (= 0.9.21)
    padrino-mailer (0.9.21)
      mail (>= 2.2.0)
      padrino-core (= 0.9.21)
    polyglot (0.3.3)
    rack (1.3.2)
    rack-protection (1.2.0)
      rack
    rdiscount (1.6.8)
    rest-client (1.6.6)
      mime-types (>= 1.16)
    sass (3.1.12)
    shotgun (0.9)
      rack (>= 1.0)
    sinatra (1.3.0)
      rack (~> 1.3)
      rack-protection (~> 1.1)
      tilt (~> 1.3)
    subexec (0.1.0)
    term-ansicolor (1.0.6)
    thin (1.2.11)
      daemons (>= 1.0.9)
      eventmachine (>= 0.12.6)
      rack (>= 1.0.0)
    thor (0.14.6)
    tilt (1.3.3)
    treetop (1.4.10)
      polyglot
      polyglot (>= 0.3.1)
    tzinfo (0.3.31)
    url_mount (0.2.1)
      rack

PLATFORMS
  ruby

DEPENDENCIES
  bitly
  clogger
  curb
  engine_of_war (~> 1.3.0)
  foreman
  heroku
  mini_magick
  newrelic_rpm
  shotgun
  thin
