GIT
  remote: git://github.com/tsaleh/guard-process.git
  revision: 5a330e46884aea929a5d5a1190103f04da16d986
  specs:
    guard-process (1.0.5)
      guard (>= 0.4.2)
      spoon (~> 0.0.1)

GEM
  remote: https://rubygems.org/
  specs:
    activesupport (3.2.12)
      i18n (~> 0.6)
      multi_json (~> 1.0)
    addressable (2.3.4)
    builder (3.0.4)
    chunky_png (1.2.8)
    coderay (1.0.9)
    coffee-script (2.2.0)
      coffee-script-source
      execjs
    coffee-script-source (1.6.2)
    compass (0.12.2)
      chunky_png (~> 1.2)
      fssm (>= 0.2.7)
      sass (~> 3.1)
    em-websocket (0.5.0)
      eventmachine (>= 0.12.9)
      http_parser.rb (~> 0.5.3)
    eventmachine (1.0.3)
    excon (0.16.10)
    execjs (1.4.0)
      multi_json (~> 1.0)
    ffi (1.8.1)
    formatador (0.2.4)
    fssm (0.2.10)
    guard (1.8.0)
      formatador (>= 0.2.4)
      listen (>= 1.0.0)
      lumberjack (>= 1.0.2)
      pry (>= 0.9.10)
      thor (>= 0.14.6)
    guard-bundler (1.0.0)
      bundler (~> 1.0)
      guard (~> 1.1)
    guard-livereload (1.4.0)
      em-websocket (>= 0.5.0)
      guard (>= 1.8.0)
      multi_json (~> 1.7)
    guard-pow (1.0.0)
      guard (>= 1.1)
    haml (4.0.3)
      tilt
    heroku (2.35.0)
      heroku-api (~> 0.3.7)
      launchy (>= 0.3.2)
      netrc (~> 0.7.7)
      rest-client (~> 1.6.1)
      rubyzip
    heroku-api (0.3.7)
      excon (~> 0.16.10)
    hike (1.2.2)
    http_parser.rb (0.5.3)
    http_router (0.10.2)
      rack (>= 1.0.0)
      url_mount (~> 0.2.1)
    i18n (0.6.4)
    kramdown (1.0.2)
    launchy (2.2.0)
      addressable (~> 2.3)
    listen (1.1.3)
      rb-fsevent (>= 0.9.3)
      rb-inotify (>= 0.9)
      rb-kqueue (>= 0.2)
    lumberjack (1.0.3)
    maruku (0.6.1)
      syntax (>= 1.0.0)
    method_source (0.8.1)
    middleman (3.1.0.rc.1)
      coffee-script (~> 2.2.0)
      compass (>= 0.12.2)
      execjs (~> 1.4.0)
      haml (>= 3.1.6)
      kramdown (~> 1.0.0)
      middleman-core (= 3.1.0.rc.1)
      middleman-sprockets (>= 3.0.10)
      padrino-helpers (= 0.10.7)
      sass (>= 3.1.20)
      uglifier (~> 2.1.0)
    middleman-blog (3.2.0)
      maruku (~> 0.6.0)
      middleman-core (~> 3.0)
      tzinfo (~> 0.3.0)
    middleman-core (3.1.0.rc.1)
      activesupport (~> 3.2.6)
      bundler (~> 1.1)
      i18n (~> 0.6.1)
      listen (~> 1.1.1)
      rack (>= 1.4.5)
      rack-test (~> 0.6.1)
      thor (~> 0.15.2)
      tilt (~> 1.3.6)
    middleman-sprockets (3.1.1)
      middleman-core (>= 3.0.14)
      padrino-helpers (= 0.10.7)
      sprockets (~> 2.1)
      sprockets-helpers (~> 1.0.0)
      sprockets-sass (~> 1.0.0)
    mime-types (1.23)
    multi_json (1.7.3)
    netrc (0.7.7)
    padrino-core (0.10.7)
      activesupport (~> 3.2.0)
      http_router (~> 0.10.2)
      sinatra (~> 1.3.1)
      thor (~> 0.15.2)
      tilt (~> 1.3.0)
    padrino-helpers (0.10.7)
      i18n (~> 0.6)
      padrino-core (= 0.10.7)
    pry (0.9.12.2)
      coderay (~> 1.0.5)
      method_source (~> 0.8)
      slop (~> 3.4)
    rack (1.5.2)
    rack-contrib (1.1.0)
      rack (>= 0.9.1)
    rack-protection (1.5.0)
      rack
    rack-test (0.6.2)
      rack (>= 1.0)
    rack-timeout (0.0.4)
    rake (10.0.4)
    rb-fsevent (0.9.3)
    rb-inotify (0.9.0)
      ffi (>= 0.5.0)
    rb-kqueue (0.2.0)
      ffi (>= 0.5.0)
    rest-client (1.6.7)
      mime-types (>= 1.16)
    rubyzip (0.9.9)
    sass (3.2.9)
    sinatra (1.3.6)
      rack (~> 1.4)
      rack-protection (~> 1.3)
      tilt (~> 1.3, >= 1.3.3)
    slop (3.4.5)
    spoon (0.0.4)
      ffi
    sprockets (2.9.3)
      hike (~> 1.2)
      multi_json (~> 1.0)
      rack (~> 1.0)
      tilt (~> 1.1, != 1.3.0)
    sprockets-helpers (1.0.1)
      sprockets (~> 2.0)
    sprockets-sass (1.0.1)
      sprockets (~> 2.0)
      tilt (~> 1.1)
    syntax (1.0.0)
    thor (0.15.4)
    tilt (1.3.7)
    tzinfo (0.3.37)
    uglifier (2.1.1)
      execjs (>= 0.3.0)
      multi_json (~> 1.0, >= 1.0.2)
    url_mount (0.2.1)
      rack

PLATFORMS
  ruby

DEPENDENCIES
  builder (~> 3.0.0)
  guard-bundler
  guard-livereload
  guard-pow
  guard-process!
  heroku
  kramdown
  middleman (~> 3.1.0.rc.1)
  middleman-blog (~> 3.2.0)
  rack-contrib
  rack-timeout
  rake
  rb-fsevent
